PATH
  remote: .
  specs:
    annotate_gem (0.0.13)
      bundler (~> 1.1)

GEM
  remote: https://rubygems.org/
  specs:
    byebug (10.0.2)
    coderay (1.1.2)
    metaclass (0.0.4)
    method_source (0.9.0)
    minitest (5.11.3)
    mocha (1.5.0)
      metaclass (~> 0.0.1)
    pry (0.11.3)
      coderay (~> 1.1.0)
      method_source (~> 0.9.0)
    pry-byebug (3.6.0)
      byebug (~> 10.0)
      pry (~> 0.10)
    rake (10.5.0)

PLATFORMS
  ruby

DEPENDENCIES
  annotate_gem!
  minitest (~> 5.0)
  mocha (~> 1.1)
  pry
  pry-byebug
  rake (~> 10.0)

BUNDLED WITH
   1.16.1
